GIT
  remote: git://github.com/ncbo/goo.git
  revision: 72847bee918b24fcdda4a65b811282e1234bae52
  branch: staging
  specs:
    goo (0.0.2)
      addressable (= 2.3.5)
      pry
      rdf (= 1.0.8)
      redis
      rest-client
      rsolr
      sparql-client
      systemu
      uuid

GIT
  remote: git://github.com/ncbo/ncbo_annotator.git
  revision: 72e751714201c399dca9176bcf49b1c9ab7b039c
  branch: staging
  specs:
    ncbo_annotator (0.0.1)
      goo
      ontologies_linked_data
      redis

GIT
  remote: git://github.com/ncbo/ontologies_linked_data.git
  revision: 2d5680db73c738b4a3049f240d56b86eb3afb04d
  branch: staging
  specs:
    ontologies_linked_data (0.0.1)
      activesupport
      bcrypt
      goo
      json
      libxml-ruby
      multi_json
      oj
      pony
      rack
      rack-test
      rsolr
      rubyzip

GIT
  remote: git://github.com/ncbo/sparql-client.git
  revision: bfec1e7222c1f54100000dc988b27d8f0ff9ca46
  branch: master
  specs:
    sparql-client (1.0.4.1)
      json_pure (>= 1.4)
      net-http-persistent (>= 1.4)
      rdf (>= 1.0)

PATH
  remote: .
  specs:
    ncbo_cron (0.0.1)
      dante
      goo
      mlanett-redis-lock
      multi_json
      ncbo_annotator
      ontologies_linked_data
      redis
      rufus-scheduler (~> 2.0.24)

GEM
  remote: https://rubygems.org/
  specs:
    activesupport (3.2.17)
      i18n (~> 0.6, >= 0.6.4)
      multi_json (~> 1.0)
    addressable (2.3.5)
    atomic (1.1.16)
    bcrypt (3.1.7)
    builder (3.2.2)
    coderay (1.1.0)
    cube-ruby (0.0.3)
    dante (0.2.0)
    i18n (0.6.9)
    json (1.8.1)
    json_pure (1.8.1)
    libxml-ruby (2.7.0)
    macaddr (1.6.7)
      systemu (~> 2.6.2)
    mail (2.2.7)
      activesupport (>= 2.3.6)
      mime-types
      treetop (>= 1.4.5)
    method_source (0.8.2)
    mime-types (2.2)
    minitest (4.7.5)
    mlanett-redis-lock (0.2.6)
      redis
    multi_json (1.9.2)
    net-http-persistent (2.9.4)
    oj (2.6.1)
    polyglot (0.3.4)
    pony (1.8)
      mail (>= 2.0)
    pry (0.9.12.6)
      coderay (~> 1.0)
      method_source (~> 0.8)
      slop (~> 3.4)
    rack (1.5.2)
    rack-test (0.6.2)
      rack (>= 1.0)
    rake (10.2.1)
    rdf (1.0.8)
      addressable (>= 2.2)
    redis (3.0.7)
    rest-client (1.6.7)
      mime-types (>= 1.16)
    rsolr (1.0.10)
      builder (>= 2.1.2)
    rubyzip (1.1.2)
    rufus-scheduler (2.0.24)
      tzinfo (>= 0.3.22)
    slop (3.5.0)
    systemu (2.6.4)
    thread_safe (0.3.1)
      atomic (>= 1.1.7, < 2)
    treetop (1.5.3)
      polyglot (~> 0.3)
    tzinfo (1.1.0)
      thread_safe (~> 0.1)
    uuid (2.3.7)
      macaddr (~> 1.0)

PLATFORMS
  ruby

DEPENDENCIES
  cube-ruby
  goo!
  minitest (< 5.0)
  multi_json
  ncbo_annotator!
  ncbo_cron!
  ontologies_linked_data!
  pony
  pry
  rake
  redis
  sparql-client!
