GIT
  remote: git://github.com/ncbo/goo.git
  revision: 701e27b5a6175e6ec92a375b7fe2a050e10389d9
  branch: master
  specs:
    goo (0.0.2)
      addressable (= 2.3.5)
      pry
      rdf (= 1.0.8)
      redis
      rest-client
      rsolr
      sparql-client
      systemu
      uuid

GIT
  remote: git://github.com/ncbo/ncbo_annotator.git
  revision: 71fb75bd6a9ff9210a34be409d87d9ed61eba47a
  branch: master
  specs:
    ncbo_annotator (0.0.1)
      goo
      ontologies_linked_data
      redis

GIT
  remote: git://github.com/ncbo/ontologies_linked_data.git
  revision: c8764402b336acec7f9f8cd740156b8c00ed10d6
  branch: master
  specs:
    ontologies_linked_data (0.0.1)
      activesupport
      bcrypt
      goo
      json
      libxml-ruby
      multi_json
      oj
      pony
      rack
      rack-test
      rsolr
      rubyzip

GIT
  remote: git://github.com/ncbo/sparql-client.git
  revision: 7f69b484f9686ad36826c60aa278565fc09be605
  branch: master
  specs:
    sparql-client (1.0.4.1)
      json_pure (>= 1.4)
      net-http-persistent (>= 1.4)
      rdf (>= 1.0)

PATH
  remote: .
  specs:
    ncbo_cron (0.0.1)
      dante
      goo
      mlanett-redis-lock
      multi_json
      ncbo_annotator
      ontologies_linked_data
      redis
      rufus-scheduler (~> 2.0.24)

GEM
  remote: https://rubygems.org/
  specs:
    activesupport (3.2.18)
      i18n (~> 0.6, >= 0.6.4)
      multi_json (~> 1.0)
    addressable (2.3.5)
    bcrypt (3.1.7)
    builder (3.2.2)
    coderay (1.1.0)
    crack (0.1.8)
    cube-ruby (0.0.3)
    dante (0.2.0)
    hashie (2.1.1)
    httparty (0.13.1)
      json (~> 1.8)
      multi_xml (>= 0.5.2)
    i18n (0.6.9)
    jiralicious (0.4.3)
      crack (~> 0.1.8)
      hashie (>= 1.1)
      httparty (>= 0.10)
      json (>= 1.6, < 1.9.0)
      nokogiri
      oauth
    json (1.8.1)
    json_pure (1.8.1)
    libxml-ruby (2.7.0)
    macaddr (1.7.1)
      systemu (~> 2.6.2)
    mail (2.2.7)
      activesupport (>= 2.3.6)
      mime-types
      treetop (>= 1.4.5)
    method_source (0.8.2)
    mime-types (2.3)
    mini_portile (0.6.0)
    minitest (4.7.5)
    mlanett-redis-lock (0.2.6)
      redis
    multi_json (1.10.1)
    multi_xml (0.5.5)
    net-http-persistent (2.9.4)
    nokogiri (1.6.2.1)
      mini_portile (= 0.6.0)
    oauth (0.4.7)
    oj (2.9.4)
    polyglot (0.3.4)
    pony (1.8)
      mail (>= 2.0)
    pry (0.9.12.6)
      coderay (~> 1.0)
      method_source (~> 0.8)
      slop (~> 3.4)
    rack (1.5.2)
    rack-test (0.6.2)
      rack (>= 1.0)
    rake (10.3.2)
    rdf (1.0.8)
      addressable (>= 2.2)
    redis (3.0.7)
    rest-client (1.6.7)
      mime-types (>= 1.16)
    rsolr (1.0.10)
      builder (>= 2.1.2)
    rubyzip (1.1.3)
    rufus-scheduler (2.0.24)
      tzinfo (>= 0.3.22)
    slop (3.5.0)
    sys-proctable (0.9.4)
    systemu (2.6.4)
    thread_safe (0.3.4)
    treetop (1.5.3)
      polyglot (~> 0.3)
    tzinfo (1.2.0)
      thread_safe (~> 0.1)
    uuid (2.3.7)
      macaddr (~> 1.0)

PLATFORMS
  ruby

DEPENDENCIES
  cube-ruby
  goo!
  jiralicious
  minitest (< 5.0)
  multi_json
  ncbo_annotator!
  ncbo_cron!
  ontologies_linked_data!
  pony
  pry
  rake
  redis
  sparql-client!
  sys-proctable
